GEM
  remote: https://rubygems.org/
  specs:
    activemodel (4.2.7.1)
      activesupport (= 4.2.7.1)
      builder (~> 3.1)
    activerecord (4.2.7.1)
      activemodel (= 4.2.7.1)
      activesupport (= 4.2.7.1)
      arel (~> 6.0)
    activesupport (4.2.7.1)
      i18n (~> 0.7)
      json (~> 1.7, >= 1.7.7)
      minitest (~> 5.1)
      thread_safe (~> 0.3, >= 0.3.4)
      tzinfo (~> 1.1)
    addressable (2.4.0)
    airbrussh (1.1.1)
      sshkit (>= 1.6.1, != 1.7.0)
    arel (6.0.3)
    builder (3.2.2)
    capistrano (3.6.1)
      airbrussh (>= 1.0.0)
      capistrano-harrow
      i18n
      rake (>= 10.0.0)
      sshkit (>= 1.9.0)
    capistrano-bundler (1.2.0)
      capistrano (~> 3.1)
      sshkit (~> 1.2)
    capistrano-chruby (0.1.2)
      capistrano (~> 3.0)
      sshkit (~> 1.3)
    capistrano-harrow (0.5.3)
    capistrano-rails (1.1.8)
      capistrano (~> 3.1)
      capistrano-bundler (~> 1.1)
    capybara (2.10.1)
      addressable
      mime-types (>= 1.16)
      nokogiri (>= 1.3.3)
      rack (>= 1.0.0)
      rack-test (>= 0.5.4)
      xpath (~> 2.0)
    daemons (1.2.4)
    database_cleaner (1.5.3)
    diff-lcs (1.2.5)
    eventmachine (1.0.9.1)
    faraday (0.9.2)
      multipart-post (>= 1.2, < 3)
    haml (4.0.7)
      tilt
    hashie (3.4.6)
    i18n (0.7.0)
    json (1.8.3)
    jwt (1.5.6)
    mime-types (3.1)
      mime-types-data (~> 3.2015)
    mime-types-data (3.2016.0521)
    mini_portile2 (2.1.0)
    minitest (5.9.1)
    multi_json (1.12.1)
    multi_xml (0.5.5)
    multipart-post (2.0.0)
    mysql2 (0.3.21)
    net-scp (1.2.1)
      net-ssh (>= 2.6.5)
    net-ssh (3.2.0)
    nokogiri (1.6.8.1)
      mini_portile2 (~> 2.1.0)
    oauth2 (1.2.0)
      faraday (>= 0.8, < 0.10)
      jwt (~> 1.0)
      multi_json (~> 1.3)
      multi_xml (~> 0.5)
      rack (>= 1.2, < 3)
    omniauth (1.3.1)
      hashie (>= 1.2, < 4)
      rack (>= 1.0, < 3)
    omniauth-oauth2 (1.4.0)
      oauth2 (~> 1.0)
      omniauth (~> 1.2)
    rack (1.6.4)
    rack-conneg (0.1.6)
      rack (>= 1.0)
    rack-protection (1.5.3)
      rack
    rack-test (0.6.3)
      rack (>= 1.0)
    rake (11.3.0)
    rdiscount (2.2.0.1)
    rspec (3.5.0)
      rspec-core (~> 3.5.0)
      rspec-expectations (~> 3.5.0)
      rspec-mocks (~> 3.5.0)
    rspec-core (3.5.4)
      rspec-support (~> 3.5.0)
    rspec-expectations (3.5.0)
      diff-lcs (>= 1.2.0, < 2.0)
      rspec-support (~> 3.5.0)
    rspec-mocks (3.5.0)
      diff-lcs (>= 1.2.0, < 2.0)
      rspec-support (~> 3.5.0)
    rspec-support (3.5.0)
    sinatra (1.4.7)
      rack (~> 1.5)
      rack-protection (~> 1.4)
      tilt (>= 1.3, < 3)
    sqlite3 (1.3.12)
    sshkit (1.11.3)
      net-scp (>= 1.1.2)
      net-ssh (>= 2.8.0)
    thin (1.7.0)
      daemons (~> 1.0, >= 1.0.9)
      eventmachine (~> 1.0, >= 1.0.4)
      rack (>= 1, < 3)
    thread_safe (0.3.5)
    tilt (2.0.5)
    tzinfo (1.2.2)
      thread_safe (~> 0.1)
    xpath (2.0.0)
      nokogiri (~> 1.3)

PLATFORMS
  ruby

DEPENDENCIES
  activerecord (= 4.2.7.1)
  capistrano-bundler
  capistrano-chruby
  capistrano-rails
  capybara
  database_cleaner
  eventmachine (< 1.2)
  haml
  json
  mysql2 (~> 0.3.16)
  omniauth
  omniauth-oauth2
  rack-conneg
  rake
  rdiscount
  rspec
  sinatra
  sqlite3
  thin

BUNDLED WITH
   1.13.5
